{
    "Modality": "MR",
    "MagneticFieldStrength": 3,
    "Manufacturer": "GE",
    "ManufacturersModelName": "Discovery MR750",
    "InstitutionName": "Cornell University",
    "InstitutionalDepartmentName": "College of Human Ecology",
    "BodyPartExamined": "BRAIN",
    "PatientPosition": "HFS",
    "MRAcquisitionType": "3D",
    "SeriesDescription": "Sag MPRAGE 1 mm",
    "ProtocolName": "ACL_SENSIGEN20160321",
    "ScanningSequence": "GR",
    "SequenceVariant": "MP",
    "SpacingBetweenSlices": 1,
    "EchoTime": 0.00342,
    "RepetitionTime": 0.007,
    "CoilString": "MULTI COIL"
}
